GEM
  remote: https://rubygems.org/
  specs:
    activesupport (4.2.1)
      i18n (~> 0.7)
      json (~> 1.7, >= 1.7.7)
      minitest (~> 5.1)
      thread_safe (~> 0.3, >= 0.3.4)
      tzinfo (~> 1.1)
    addressable (2.3.7)
    adt (0.0.7)
    ascii_charts (0.9.1)
    awesome_print (1.6.1)
    bcrypt (3.1.10)
    bcrypt-ruby (3.1.5)
      bcrypt (>= 3.1.3)
    buftok (0.2.0)
    choice (0.1.7)
    chronic (0.10.2)
    cinch (2.2.4)
    coderay (1.1.0)
    curses (1.0.1)
    debug_inspector (0.0.2)
    diff-lcs (1.2.5)
    equalizer (0.0.10)
    faraday (0.9.1)
      multipart-post (>= 1.2, < 3)
    ffi (1.9.8)
    geokit (1.9.0)
      multi_json (>= 1.3.2)
    git (1.2.9.1)
    highline (1.6.21)
    htmlentities (4.3.3)
    httmultiparty (0.3.16)
      httparty (>= 0.7.3)
      mimemagic
      multipart-post
    http (0.6.3)
      http_parser.rb (~> 0.6.0)
    http_parser.rb (0.6.0)
    httparty (0.11.0)
      multi_json (~> 1.0)
      multi_xml (>= 0.5.2)
    i18n (0.7.0)
    interception (0.5)
    json (1.8.1)
    kramdown (1.6.0)
    launchy (2.4.3)
      addressable (~> 2.3)
    levenshtein-ffi (1.1.0)
      ffi (~> 1.9)
    lolcommits (0.5.7)
      choice (~> 0.1.6)
      git (~> 1.2.8)
      httmultiparty (~> 0.3.16)
      httparty (~> 0.11.0)
      json (~> 1.8.1)
      launchy (~> 2.4.3)
      methadone (~> 1.8.0)
      mime-types (~> 1.25)
      mini_magick (~> 3.8.1)
      oauth (~> 0.4.7)
      open4 (~> 1.3.4)
      rest-client (~> 1.6.7)
      twitter (~> 5.13.0)
      yam (~> 2.4.0)
    macaddr (1.7.1)
      systemu (~> 2.6.2)
    maxitest (1.5.1)
      minitest (>= 5.0.0, < 5.8.0)
    memoizable (0.4.2)
      thread_safe (~> 0.3, >= 0.3.1)
    methadone (1.8.0)
      bundler
    method_source (0.8.2)
    mime-types (1.25.1)
    mimemagic (0.2.1)
    mini_magick (3.8.1)
      subexec (~> 0.2.1)
    mini_portile (0.6.2)
    minitest (5.5.1)
    moneta (0.8.0)
    muflax (0.1.29)
      activesupport (~> 4)
      adt
      awesome_print
      chronic
      debug_inspector
      highline
      pry
      range_math
      trollop
    multi_json (1.11.0)
    multi_xml (0.5.5)
    multipart-post (2.0.0)
    naught (1.0.0)
    nokogiri (1.6.6.2)
      mini_portile (~> 0.6.0)
    oauth (0.4.7)
    oauth2-client (2.0.0)
      addressable (~> 2.3)
      bcrypt-ruby (~> 3.0)
    oj (2.12.1)
    open4 (1.3.4)
    pry (0.10.1)
      coderay (~> 1.1.0)
      method_source (~> 0.8.1)
      slop (~> 3.4)
    pry-doc (0.6.0)
      pry (~> 0.9)
      yard (~> 0.8)
    pry-docmore (0.1.1)
      pry
      pry-doc
    pry-nav (0.2.4)
      pry (>= 0.9.10, < 0.11.0)
    pry-rails (0.3.3)
      pry (>= 0.9.10)
    pry-rescue (1.4.1)
      interception (>= 0.5)
      pry
    pry-theme (1.1.3)
      coderay (~> 1.1)
      json (~> 1.8)
    pry-vterm_aliases (1.2.0)
      pry (~> 0.10.1)
    rake (10.4.2)
    range_math (0.8.0)
    rb-inotify (0.9.5)
      ffi (>= 0.5.0)
    rdoc (4.2.0)
    readygo (0.0.0)
    rest-client (1.6.8)
      mime-types (~> 1.16)
      rdoc (>= 2.4.2)
    retryable (2.0.1)
    reverse_markdown (0.7.0)
      nokogiri
    rspec (3.3.0)
      rspec-core (~> 3.3.0)
      rspec-expectations (~> 3.3.0)
      rspec-mocks (~> 3.3.0)
    rspec-core (3.3.1)
      rspec-support (~> 3.3.0)
    rspec-expectations (3.3.0)
      diff-lcs (>= 1.2.0, < 2.0)
      rspec-support (~> 3.3.0)
    rspec-mocks (3.3.1)
      diff-lcs (>= 1.2.0, < 2.0)
      rspec-support (~> 3.3.0)
    rspec-support (3.3.0)
    ruby-graphviz (1.2.1)
    ruby-lzma (0.4.3)
    ruby-prof (0.15.6)
    simple_oauth (0.3.1)
    slop (3.6.0)
    sqlite3 (1.3.10)
    subexec (0.2.3)
    systemu (2.6.5)
    t (2.9.0)
      geokit (>= 1.8.3, < 2)
      htmlentities (~> 4.3)
      launchy (~> 2.4)
      oauth (~> 0.4.7)
      retryable (~> 2.0)
      thor (>= 0.19.1, < 2)
      twitter (~> 5.13)
    thor (0.19.1)
    thread_safe (0.3.5)
    tidy_ffi (0.1.4)
      ffi (>= 0.3.5)
    trollop (2.1.2)
    twitter (5.13.0)
      addressable (~> 2.3)
      buftok (~> 0.2.0)
      equalizer (~> 0.0.9)
      faraday (~> 0.9.0)
      http (~> 0.6.0)
      http_parser.rb (~> 0.6.0)
      json (~> 1.8)
      memoizable (~> 0.4.0)
      naught (~> 1.0)
      simple_oauth (~> 0.3.0)
    tzinfo (1.2.2)
      thread_safe (~> 0.1)
    unicode_utils (1.4.0)
    uuid (2.3.7)
      macaddr (~> 1.0)
    values (1.7.1)
    yam (2.4.1)
      addressable (~> 2.3)
      multi_json (~> 1.10)
      oauth2-client (~> 2.0)
      oj (~> 2.0)
      rest-client (~> 1.6)
    yard (0.8.7.6)

PLATFORMS
  ruby

DEPENDENCIES
  ascii_charts
  cinch
  curses
  diff-lcs
  htmlentities
  kramdown
  levenshtein-ffi
  lolcommits
  maxitest
  minitest
  moneta
  muflax
  nokogiri
  pry
  pry-doc
  pry-docmore
  pry-nav
  pry-rails
  pry-rescue
  pry-theme
  pry-vterm_aliases
  rake
  rb-inotify
  readygo
  reverse_markdown
  rspec
  ruby-graphviz
  ruby-lzma
  ruby-prof
  sqlite3
  systemu
  t
  tidy_ffi
  unicode_utils
  uuid
  values

BUNDLED WITH
   1.10.3
