PATH
  remote: /home/amon/src/backup/backup-urls
  specs:
    backup-urls (0.0.1)
      mechanize
      parallel

GEM
  remote: https://rubygems.org/
  specs:
    ZenTest (4.11.0)
    activesupport (4.1.6)
      i18n (~> 0.6, >= 0.6.9)
      json (~> 1.7, >= 1.7.7)
      minitest (~> 5.1)
      thread_safe (~> 0.1)
      tzinfo (~> 1.1)
    addressable (2.3.6)
    autotest (4.4.6)
      ZenTest (>= 4.4.1)
    awesome_print (1.2.0)
    bayescraft (0.2.5)
      awesome_print
      cri
      gnuplot
      integration
      rubystats
    beeminder (0.2.10)
      activesupport (>= 3.2, < 5)
      chronic (~> 0.7)
      highline (~> 1.6)
      json
      trollop (~> 2)
      tzinfo
    choice (0.1.6)
    chronic (0.10.2)
    cinch (2.1.0)
    coderay (1.1.0)
    colored (1.2)
    cri (2.6.1)
      colored (~> 1.2)
    curses (1.0.1)
    debug_inspector (0.0.2)
    diff-lcs (1.2.5)
    domain_name (0.5.21)
      unf (>= 0.0.5, < 1.0.0)
    ffi (1.2.1)
    fftw3 (0.3)
      narray
    future_me (0.17.0)
      awesome_print
      beeminder (~> 0.2)
      chronic (~> 0.10)
      highline (~> 1.6)
      trollop (~> 2.0)
    gem-ripper-tags (1.0.6)
      ripper-tags (>= 0.1.2)
    git (1.2.8)
    gnuplot (2.6.2)
    highline (1.6.21)
    htmlentities (4.3.2)
    http-cookie (1.0.2)
      domain_name (~> 0.5)
    i18n (0.6.11)
    integration (0.1.1)
      rb-gsl (~> 1.2)
      text-table (~> 1.2)
    interception (0.5)
    jist (1.5.1)
      json
    json (1.8.1)
    kramdown (1.4.2)
    launchy (2.4.2)
      addressable (~> 2.3)
    lolcommits (0.2.0)
      choice (~> 0.1.6)
      git (~> 1.2.5)
      launchy
      methadone (~> 1.2.1)
      rmagick (~> 2.13.1)
    macaddr (1.7.1)
      systemu (~> 2.6.2)
    mechanize (2.7.3)
      domain_name (~> 0.5, >= 0.5.1)
      http-cookie (~> 1.0)
      mime-types (~> 2.0)
      net-http-digest_auth (~> 1.1, >= 1.1.1)
      net-http-persistent (~> 2.5, >= 2.5.2)
      nokogiri (~> 1.4)
      ntlm-http (~> 0.1, >= 0.1.1)
      webrobots (>= 0.0.9, < 0.2)
    memoist (0.10.0)
    methadone (1.2.6)
      bundler
    method_source (0.8.2)
    mime-types (2.3)
    mini_portile (0.6.0)
    minitest (5.4.2)
    moneta (0.8.0)
    muflax (0.1.27)
      activesupport (~> 4)
      awesome_print
      chronic
      debug_inspector
      highline
      pry
      range_math
      trollop
    narray (0.6.0.9)
    net-http-digest_auth (1.4)
    net-http-persistent (2.9.4)
    nokogiri (1.6.3.1)
      mini_portile (= 0.6.0)
    ntlm-http (0.1.1)
    org-ruby (0.9.9)
      rubypants (~> 0.2)
    parallel (1.3.2)
    polyglot (0.3.5)
    pru (0.1.8)
    pry (0.10.1)
      coderay (~> 1.1.0)
      method_source (~> 0.8.1)
      slop (~> 3.4)
    pry-doc (0.6.0)
      pry (~> 0.9)
      yard (~> 0.8)
    pry-docmore (0.1.1)
      pry
      pry-doc
    pry-nav (0.2.4)
      pry (>= 0.9.10, < 0.11.0)
    pry-rails (0.3.2)
      pry (>= 0.9.10)
    pry-rescue (1.4.1)
      interception (>= 0.5)
      pry
    pry-theme (1.1.3)
      coderay (~> 1.1)
      json (~> 1.8)
    pry-vterm_aliases (1.2.0)
      pry (~> 0.10.1)
    rake (10.3.2)
    range_math (0.7.1)
    rb-gsl (1.16.0.2)
      narray (>= 0.5.9)
    rb-inotify (0.9.5)
      ffi (>= 0.5.0)
    rbenv-rehash (0.3)
    reverse_markdown (0.6.0)
      nokogiri
    ripper-tags (0.1.3)
      yajl-ruby
    rmagick (2.13.3)
    rspec (3.1.0)
      rspec-core (~> 3.1.0)
      rspec-expectations (~> 3.1.0)
      rspec-mocks (~> 3.1.0)
    rspec-core (3.1.5)
      rspec-support (~> 3.1.0)
    rspec-expectations (3.1.2)
      diff-lcs (>= 1.2.0, < 2.0)
      rspec-support (~> 3.1.0)
    rspec-mocks (3.1.2)
      rspec-support (~> 3.1.0)
    rspec-support (3.1.1)
    ruby-alsa (0.8)
      ffi (>= 0.6.3)
    ruby-audio (1.6.1)
    ruby-graphviz (1.2.1)
    ruby-prof (0.15.1)
    rubypants (0.2.0)
    rubystats (0.2.3)
    slop (3.6.0)
    sqlite3 (1.3.9)
    systemu (2.6.4)
    text-table (1.2.3)
    thread_safe (0.3.4)
    tidy_ffi (0.1.5)
      ffi (~> 1.2.0)
    treetop (1.5.3)
      polyglot (~> 0.3)
    trollop (2.0)
    tzinfo (1.2.2)
      thread_safe (~> 0.1)
    unf (0.1.4)
      unf_ext
    unf_ext (0.0.6)
    unicode_utils (1.4.0)
    units (1.0.1)
    uuid (2.3.7)
      macaddr (~> 1.0)
    webrobots (0.1.1)
    yajl-ruby (1.2.1)
    yard (0.8.7.4)

PLATFORMS
  ruby

DEPENDENCIES
  autotest
  backup-urls!
  bayescraft
  beeminder
  cinch
  curses
  fftw3
  future_me
  gem-ripper-tags
  htmlentities
  jist
  kramdown
  lolcommits
  memoist
  moneta
  muflax
  narray
  nokogiri
  org-ruby
  pru
  pry
  pry-doc
  pry-docmore
  pry-nav
  pry-rails
  pry-rescue
  pry-theme
  pry-vterm_aliases
  rake
  rb-inotify
  rbenv-rehash
  reverse_markdown
  ripper-tags
  rspec
  ruby-alsa
  ruby-audio
  ruby-graphviz
  ruby-prof
  sqlite3
  systemu
  tidy_ffi
  treetop
  unicode_utils
  units
  uuid
