PATH
  remote: /home/amon/src/backup/backup-urls
  specs:
    backup-urls (0.0.1)
      mechanize
      parallel

GEM
  remote: https://rubygems.org/
  specs:
    ZenTest (4.11.0)
    activesupport (4.2.0)
      i18n (~> 0.7)
      json (~> 1.7, >= 1.7.7)
      minitest (~> 5.1)
      thread_safe (~> 0.3, >= 0.3.4)
      tzinfo (~> 1.1)
    addressable (2.3.6)
    adt (0.0.7)
    ascii_charts (0.9.1)
    autotest (4.4.6)
      ZenTest (>= 4.4.1)
    awesome_print (1.6.1)
    bcrypt (3.1.9)
    bcrypt-ruby (3.1.5)
      bcrypt (>= 3.1.3)
    beeminder (0.2.10)
      activesupport (>= 3.2, < 5)
      chronic (~> 0.7)
      highline (~> 1.6)
      json
      trollop (~> 2)
      tzinfo
    buftok (0.2.0)
    choice (0.1.7)
    chronic (0.10.2)
    cinch (2.2.3)
    coderay (1.1.0)
    curses (1.0.1)
    debug_inspector (0.0.2)
    diff-lcs (1.2.5)
    domain_name (0.5.23)
      unf (>= 0.0.5, < 1.0.0)
    equalizer (0.0.9)
    faraday (0.9.1)
      multipart-post (>= 1.2, < 3)
    ffi (1.9.6)
    fftw3 (0.3)
      narray
    future_me (0.17.0)
      awesome_print
      beeminder (~> 0.2)
      chronic (~> 0.10)
      highline (~> 1.6)
      trollop (~> 2.0)
    gem-ripper-tags (1.0.6)
      ripper-tags (>= 0.1.2)
    git (1.2.9.1)
    highline (1.6.21)
    htmlentities (4.3.3)
    httmultiparty (0.3.16)
      httparty (>= 0.7.3)
      mimemagic
      multipart-post
    http (0.6.3)
      http_parser.rb (~> 0.6.0)
    http-cookie (1.0.2)
      domain_name (~> 0.5)
    http_parser.rb (0.6.0)
    httparty (0.11.0)
      multi_json (~> 1.0)
      multi_xml (>= 0.5.2)
    i18n (0.7.0)
    interception (0.5)
    jist (1.5.1)
      json
    json (1.8.1)
    kramdown (1.5.0)
    launchy (2.4.3)
      addressable (~> 2.3)
    levenshtein-ffi (1.1.0)
      ffi (~> 1.9)
    lolcommits (0.5.7)
      choice (~> 0.1.6)
      git (~> 1.2.8)
      httmultiparty (~> 0.3.16)
      httparty (~> 0.11.0)
      json (~> 1.8.1)
      launchy (~> 2.4.3)
      methadone (~> 1.8.0)
      mime-types (~> 1.25)
      mini_magick (~> 3.8.1)
      oauth (~> 0.4.7)
      open4 (~> 1.3.4)
      rest-client (~> 1.6.7)
      twitter (~> 5.13.0)
      yam (~> 2.4.0)
    macaddr (1.7.1)
      systemu (~> 2.6.2)
    mechanize (2.7.2)
      domain_name (~> 0.5, >= 0.5.1)
      http-cookie (~> 1.0.0)
      mime-types (~> 1.17, >= 1.17.2)
      net-http-digest_auth (~> 1.1, >= 1.1.1)
      net-http-persistent (~> 2.5, >= 2.5.2)
      nokogiri (~> 1.4)
      ntlm-http (~> 0.1, >= 0.1.1)
      webrobots (>= 0.0.9, < 0.2)
    memoist (0.11.0)
    memoizable (0.4.2)
      thread_safe (~> 0.3, >= 0.3.1)
    methadone (1.8.0)
      bundler
    method_source (0.8.2)
    mime-types (1.25.1)
    mimemagic (0.2.1)
    mini_magick (3.8.1)
      subexec (~> 0.2.1)
    mini_portile (0.6.2)
    minitest (5.5.1)
    moneta (0.8.0)
    muflax (0.1.29)
      activesupport (~> 4)
      adt
      awesome_print
      chronic
      debug_inspector
      highline
      pry
      range_math
      trollop
    multi_json (1.10.1)
    multi_xml (0.5.5)
    multipart-post (2.0.0)
    narray (0.6.1.1)
    naught (1.0.0)
    net-http-digest_auth (1.4)
    net-http-persistent (2.9.4)
    nokogiri (1.6.5)
      mini_portile (~> 0.6.0)
    ntlm-http (0.1.1)
    oauth (0.4.7)
    oauth2-client (2.0.0)
      addressable (~> 2.3)
      bcrypt-ruby (~> 3.0)
    oj (2.11.2)
    open4 (1.3.4)
    org-ruby (0.9.12)
      rubypants (~> 0.2)
    parallel (1.3.3)
    polyglot (0.3.5)
    pru (0.1.8)
    pry (0.10.1)
      coderay (~> 1.1.0)
      method_source (~> 0.8.1)
      slop (~> 3.4)
    pry-doc (0.6.0)
      pry (~> 0.9)
      yard (~> 0.8)
    pry-docmore (0.1.1)
      pry
      pry-doc
    pry-nav (0.2.4)
      pry (>= 0.9.10, < 0.11.0)
    pry-rails (0.3.2)
      pry (>= 0.9.10)
    pry-rescue (1.4.1)
      interception (>= 0.5)
      pry
    pry-theme (1.1.3)
      coderay (~> 1.1)
      json (~> 1.8)
    pry-vterm_aliases (1.2.0)
      pry (~> 0.10.1)
    rake (10.4.2)
    range_math (0.8.0)
    rb-inotify (0.9.5)
      ffi (>= 0.5.0)
    rbenv-rehash (0.3)
    rdoc (4.2.0)
    rest-client (1.6.8)
      mime-types (~> 1.16)
      rdoc (>= 2.4.2)
    reverse_markdown (0.6.0)
      nokogiri
    ripper-tags (0.1.3)
      yajl-ruby
    rspec (3.1.0)
      rspec-core (~> 3.1.0)
      rspec-expectations (~> 3.1.0)
      rspec-mocks (~> 3.1.0)
    rspec-core (3.1.7)
      rspec-support (~> 3.1.0)
    rspec-expectations (3.1.2)
      diff-lcs (>= 1.2.0, < 2.0)
      rspec-support (~> 3.1.0)
    rspec-mocks (3.1.3)
      rspec-support (~> 3.1.0)
    rspec-support (3.1.2)
    ruby-alsa (0.8)
      ffi (>= 0.6.3)
    ruby-audio (1.6.1)
    ruby-graphviz (1.2.1)
    ruby-prof (0.15.3)
    rubypants (0.2.0)
    simple_oauth (0.3.1)
    slop (3.6.0)
    sqlite3 (1.3.10)
    subexec (0.2.3)
    systemu (2.6.4)
    thread_safe (0.3.4)
    tidy_ffi (0.1.4)
      ffi (>= 0.3.5)
    treetop (1.5.3)
      polyglot (~> 0.3)
    trollop (2.1.1)
    twitter (5.13.0)
      addressable (~> 2.3)
      buftok (~> 0.2.0)
      equalizer (~> 0.0.9)
      faraday (~> 0.9.0)
      http (~> 0.6.0)
      http_parser.rb (~> 0.6.0)
      json (~> 1.8)
      memoizable (~> 0.4.0)
      naught (~> 1.0)
      simple_oauth (~> 0.3.0)
    tzinfo (1.2.2)
      thread_safe (~> 0.1)
    unf (0.1.4)
      unf_ext
    unf_ext (0.0.6)
    unicode_utils (1.4.0)
    units (1.0.1)
    uuid (2.3.7)
      macaddr (~> 1.0)
    webrobots (0.1.1)
    yajl-ruby (1.2.1)
    yam (2.4.1)
      addressable (~> 2.3)
      multi_json (~> 1.10)
      oauth2-client (~> 2.0)
      oj (~> 2.0)
      rest-client (~> 1.6)
    yard (0.8.7.6)

PLATFORMS
  ruby

DEPENDENCIES
  ascii_charts
  autotest
  backup-urls!
  beeminder
  cinch
  curses
  fftw3
  future_me
  gem-ripper-tags
  htmlentities
  jist
  kramdown
  levenshtein-ffi
  lolcommits
  memoist
  moneta
  muflax
  narray
  nokogiri
  org-ruby
  pru
  pry
  pry-doc
  pry-docmore
  pry-nav
  pry-rails
  pry-rescue
  pry-theme
  pry-vterm_aliases
  rake
  rb-inotify
  rbenv-rehash
  reverse_markdown
  ripper-tags
  rspec
  ruby-alsa
  ruby-audio
  ruby-graphviz
  ruby-prof
  sqlite3
  systemu
  tidy_ffi
  treetop
  unicode_utils
  units
  uuid
