PATH
  remote: /home/amon/src/backup/backup-urls
  specs:
    backup-urls (0.0.1)
      mechanize
      parallel

PATH
  remote: /home/amon/src/forks/lolcommits
  specs:
    lolcommits (0.5.2)
      activesupport
      choice (~> 0.1.6)
      git (~> 1.2.5)
      httmultiparty
      httparty (~> 0.11.0)
      json (~> 1.8.1)
      launchy
      methadone (~> 1.2.4)
      mime-types
      mini_magick (~> 3.5)
      oauth
      open4 (~> 1.3.0)
      rest-client
      twitter (~> 4.8.1)

GEM
  remote: https://rubygems.org/
  specs:
    ZenTest (4.9.5)
    activesupport (4.0.2)
      i18n (~> 0.6, >= 0.6.4)
      minitest (~> 4.2)
      multi_json (~> 1.3)
      thread_safe (~> 0.1)
      tzinfo (~> 0.3.37)
    addressable (2.3.5)
    atomic (1.1.14)
    autotest (4.4.6)
      ZenTest (>= 4.4.1)
    awesome_print (1.2.0)
    bayescraft (0.2.5)
      awesome_print
      cri
      gnuplot
      integration
      rubystats
    beeminder (0.2.8)
      activesupport (>= 3.2, < 5)
      chronic (~> 0.7)
      highline (~> 1.6)
      json
      trollop (~> 2)
      tzinfo
    binding_of_caller (0.7.2)
      debug_inspector (>= 0.0.1)
    buftok (0.2.0)
    byebug (2.5.0)
      columnize (~> 0.3.6)
      debugger-linecache (~> 1.2.0)
    choice (0.1.6)
    chronic (0.10.2)
    coderay (1.1.0)
    colored (1.2)
    columnize (0.3.6)
    cookiejar (0.3.0)
    cri (2.4.1)
      colored (>= 1.2)
    daemons (1.1.9)
    debug_inspector (0.0.2)
    debugger-linecache (1.2.0)
    diff-lcs (1.2.5)
    domain_name (0.5.15)
      unf (>= 0.0.5, < 1.0.0)
    em-http-request (1.1.2)
      addressable (>= 2.3.4)
      cookiejar
      em-socksify (>= 0.3)
      eventmachine (>= 1.0.3)
      http_parser.rb (>= 0.6.0)
    em-socksify (0.3.0)
      eventmachine (>= 1.0.0.beta.4)
    em-twitter (0.3.3)
      buftok (~> 0.2)
      eventmachine (~> 1.0)
      http_parser.rb (~> 0.6)
      simple_oauth (~> 0.2)
    eventmachine (1.0.3)
    faraday (0.9.0)
      multipart-post (>= 1.2, < 3)
    fastercsv (1.5.5)
    ffi (1.2.1)
    fftw3 (0.3)
      narray
    future_me (0.17.0)
      awesome_print
      beeminder (~> 0.2)
      chronic (~> 0.10)
      highline (~> 1.6)
      trollop (~> 2.0)
    gem-ripper-tags (1.0.6)
      ripper-tags (>= 0.1.2)
    geokit (1.8.4)
      multi_json (>= 1.3.2)
    git (1.2.6)
    gnuplot (2.6.2)
    gosu (0.7.50)
    hasu (0.1.4)
      gosu
    highline (1.6.20)
    htmlentities (4.3.1)
    httmultiparty (0.3.10)
      httparty (>= 0.7.3)
      multipart-post
    http-cookie (1.0.2)
      domain_name (~> 0.5)
    http_parser.rb (0.6.0)
    httparty (0.11.0)
      multi_json (~> 1.0)
      multi_xml (>= 0.5.2)
    i18n (0.6.9)
    integration (0.1.0)
    interception (0.4)
    json (1.8.1)
    kramdown (1.3.1)
    launchy (2.4.2)
      addressable (~> 2.3)
    macaddr (1.5.0)
      systemu (>= 2.4.0)
    mechanize (2.7.3)
      domain_name (~> 0.5, >= 0.5.1)
      http-cookie (~> 1.0)
      mime-types (~> 2.0)
      net-http-digest_auth (~> 1.1, >= 1.1.1)
      net-http-persistent (~> 2.5, >= 2.5.2)
      nokogiri (~> 1.4)
      ntlm-http (~> 0.1, >= 0.1.1)
      webrobots (>= 0.0.9, < 0.2)
    methadone (1.2.6)
      bundler
    method_source (0.8.2)
    mime-types (2.1)
    mini_magick (3.7.0)
      subexec (~> 0.2.1)
    mini_portile (0.5.2)
    minitest (4.7.5)
    muflax (0.1.21)
      activesupport (~> 4)
      awesome_print
      chronic
      debug_inspector
      highline
      pry
      range_math
      trollop
    muflax-t (1.4.0)
      fastercsv (~> 1.5)
      geokit (~> 1.6)
      htmlentities (~> 4.3)
      launchy (~> 2.0)
      oauth (~> 0.4)
      oj (~> 1.4)
      retryable (~> 1.2)
      thor (>= 0.16, < 2)
      tweetstream (~> 2.3)
      twitter (~> 4.1)
    multi_json (1.8.4)
    multi_xml (0.5.5)
    multipart-post (2.0.0)
    narray (0.6.0.8)
    net-http-digest_auth (1.4)
    net-http-persistent (2.9.1)
    nokogiri (1.6.1)
      mini_portile (~> 0.5.0)
    ntlm-http (0.1.1)
    oauth (0.4.7)
    oj (1.4.7)
    open4 (1.3.0)
    opengl (0.8.0)
    org-ruby (0.8.2)
      rubypants (>= 0.2.0)
    parallel (0.9.2)
    polyglot (0.3.3)
    pru (0.1.6)
    pry (0.9.12.6)
      coderay (~> 1.0)
      method_source (~> 0.8)
      slop (~> 3.4)
    pry-byebug (1.2.1)
      byebug (~> 2.2)
      pry (~> 0.9.12)
    pry-doc (0.5.1)
      pry (>= 0.9)
      yard (>= 0.8)
    pry-docmore (0.1.1)
      pry
      pry-doc
    pry-nav (0.2.3)
      pry (~> 0.9.10)
    pry-rails (0.3.2)
      pry (>= 0.9.10)
    pry-rescue (1.3.1)
      interception (>= 0.4)
      pry
    pry-stack_explorer (0.4.9.1)
      binding_of_caller (>= 0.7)
      pry (>= 0.9.11)
    pry-theme (1.0.2)
      coderay (~> 1.1)
      json (~> 1.8)
    pry-vterm_aliases (1.1.1)
      pry (~> 0.9.12)
    range_math (0.7.1)
    rb-inotify (0.9.3)
      ffi (>= 0.5.0)
    rbenv-rehash (0.3)
    rest-client (1.6.7)
      mime-types (>= 1.16)
    retryable (1.3.5)
    ripper-tags (0.1.3)
      yajl-ruby
    rmagick (2.13.2)
    rspec (2.14.1)
      rspec-core (~> 2.14.0)
      rspec-expectations (~> 2.14.0)
      rspec-mocks (~> 2.14.0)
    rspec-core (2.14.7)
    rspec-expectations (2.14.4)
      diff-lcs (>= 1.1.3, < 2.0)
    rspec-mocks (2.14.4)
    ruby-alsa (0.8)
      ffi (>= 0.6.3)
    ruby-audio (1.6.1)
    ruby-graphviz (1.0.9)
    ruby-prof (0.14.2)
    rubypants (0.2.0)
    rubystats (0.2.3)
    simple_oauth (0.2.0)
    slop (3.4.7)
    sqlite3 (1.3.8)
    subexec (0.2.3)
    systemu (2.6.0)
    thor (0.18.1)
    thread_safe (0.1.3)
      atomic
    tidy_ffi (0.1.5)
      ffi (~> 1.2.0)
    treetop (1.4.15)
      polyglot
      polyglot (>= 0.3.1)
    trollop (2.0)
    tweetstream (2.6.0)
      daemons (~> 1.1)
      em-http-request (>= 1.1.1)
      em-twitter (~> 0.3)
      multi_json (~> 1.3)
      twitter (~> 4.8)
    twitter (4.8.1)
      faraday (~> 0.8, < 0.10)
      multi_json (~> 1.0)
      simple_oauth (~> 0.2)
    tzinfo (0.3.38)
    unf (0.1.3)
      unf_ext
    unf_ext (0.0.6)
    unicode_utils (1.4.0)
    units (1.0.1)
    uuid (2.3.7)
      macaddr (~> 1.0)
    webrobots (0.1.1)
    yajl-ruby (1.2.0)
    yard (0.8.7.3)

PLATFORMS
  ruby

DEPENDENCIES
  autotest
  backup-urls!
  bayescraft
  fftw3
  future_me
  gem-ripper-tags
  gosu
  hasu
  kramdown
  lolcommits!
  muflax
  muflax-t
  narray
  nokogiri
  opengl
  org-ruby
  pru
  pry
  pry-byebug
  pry-doc
  pry-docmore
  pry-nav
  pry-rails
  pry-rescue
  pry-stack_explorer
  pry-theme
  pry-vterm_aliases
  rb-inotify
  rbenv-rehash
  ripper-tags
  rmagick
  rspec
  ruby-alsa
  ruby-audio
  ruby-graphviz
  ruby-prof
  sqlite3
  systemu
  tidy_ffi
  treetop
  unicode_utils
  units
  uuid
